GEM
  remote: https://rubygems.org/
  specs:
    addressable (2.3.5)
    args_parser (0.2.0)
    atomic (1.1.14)
    buftok (0.2.0)
    descendants_tracker (0.0.3)
    equalizer (0.0.8)
    faraday (0.8.8)
      multipart-post (~> 1.2.0)
    hashie (1.2.0)
    http (0.5.0)
      http_parser.rb
    http_parser.rb (0.5.3)
    json (1.8.1)
    memoizable (0.2.0)
      thread_safe (~> 0.1.3)
    multipart-post (1.2.0)
    nokogiri (1.5.10)
    oauth (0.4.7)
    parallel (0.9.1)
    rainbow (1.1.4)
    rake (10.1.0)
    simple_oauth (0.2.0)
    thread_safe (0.1.3)
      atomic
    tw (1.0.2)
      args_parser (>= 0.2.0)
      json (>= 1.7.0)
      parallel (>= 0.8.2)
      rainbow (>= 1.1.4)
      twitter (>= 5.0.0)
      userstream (>= 1.2.0)
    twitter (5.1.1)
      addressable (~> 2.3)
      buftok (~> 0.2.0)
      descendants_tracker (~> 0.0.1)
      equalizer (~> 0.0.7)
      faraday (>= 0.8, < 0.10)
      http (~> 0.5.0)
      http_parser.rb (~> 0.5.0)
      json (~> 1.8)
      memoizable (~> 0.2.0)
      simple_oauth (~> 0.2.0)
    userstream (1.3.0)
      hashie (~> 1.2.0)
      oauth (~> 0.4.7)
      yajl-ruby (~> 1.1.0)
    weather_jp (1.0.4)
      nokogiri (~> 1.5.5)
      rake (>= 0.9.2)
    yajl-ruby (1.1.0)

PLATFORMS
  ruby

DEPENDENCIES
  args_parser
  tw
  weather_jp
